PATH
  remote: .
  specs:
    n_opa (0.1.0)

GEM
  remote: https://rubygems.org/
  specs:
    benchmark-perf (0.4.0)
    benchmark-trend (0.2.0)
    coderay (1.1.2)
    diff-lcs (1.3)
    method_source (0.9.2)
    pry (0.12.2)
      coderay (~> 1.1.0)
      method_source (~> 0.9.0)
    rake (10.5.0)
    rspec (3.8.0)
      rspec-core (~> 3.8.0)
      rspec-expectations (~> 3.8.0)
      rspec-mocks (~> 3.8.0)
    rspec-benchmark (0.4.0)
      benchmark-perf (~> 0.4.0)
      benchmark-trend (~> 0.2.0)
      rspec (>= 3.0.0, < 4.0.0)
    rspec-core (3.8.0)
      rspec-support (~> 3.8.0)
    rspec-expectations (3.8.2)
      diff-lcs (>= 1.2.0, < 2.0)
      rspec-support (~> 3.8.0)
    rspec-mocks (3.8.0)
      diff-lcs (>= 1.2.0, < 2.0)
      rspec-support (~> 3.8.0)
    rspec-support (3.8.0)
    rspec_junit_formatter (0.4.1)
      rspec-core (>= 2, < 4, != 2.12.0)
    ruby-prof (0.17.0)

PLATFORMS
  ruby

DEPENDENCIES
  bundler (~> 1.16)
  n_opa!
  pry
  rake (~> 10.0)
  rspec (~> 3.0)
  rspec-benchmark
  rspec_junit_formatter
  ruby-prof

BUNDLED WITH
   1.17.3
